GEM
  remote: https://rubygems.org/
  specs:
    blankslate (2.1.2.4)
    diff-lcs (1.2.5)
    json (1.8.1)
    parslet (1.5.0)
      blankslate (~> 2.0)
    rspec (2.14.1)
      rspec-core (~> 2.14.0)
      rspec-expectations (~> 2.14.0)
      rspec-mocks (~> 2.14.0)
    rspec-core (2.14.7)
    rspec-expectations (2.14.5)
      diff-lcs (>= 1.1.3, < 2.0)
    rspec-mocks (2.14.5)

PLATFORMS
  ruby

DEPENDENCIES
  json
  parslet
  rspec
